GEM
  remote: https://rubygems.org/
  specs:
    java (0.0.2)
    mechanize (1.0.0)
      nokogiri (>= 1.2.1)
    mini_portile2 (2.1.0)
    nokogiri (1.6.8.1)
      mini_portile2 (~> 2.1.0)
    nokogiri (1.6.8.1-java)
    rack (1.5.2)
    rake (10.1.0)
    rspec (1.3.2)
    ruby-processing (2.6.7)

PLATFORMS
  java
  ruby

DEPENDENCIES
  java
  mechanize
  nokogiri
  rack (~> 1.1)
  rake
  rspec
  ruby-processing
