GEM
  remote: https://rubygems.org/
  specs:
    java (0.0.1)
    mechanize (1.0.0)
      nokogiri (>= 1.2.1)
    mini_portile (0.5.2)
    nokogiri (1.6.0)
      mini_portile (~> 0.5.0)
    nokogiri (1.6.0-java)
      mini_portile (~> 0.5.0)
    rack (1.6.13)
    rake (10.1.0)
    rspec (1.3.2)
    ruby-processing (2.6.7)

PLATFORMS
  java
  ruby

DEPENDENCIES
  java
  mechanize
  nokogiri
  rack (~> 1.6)
  rake
  rspec
  ruby-processing
